GEM
  remote: https://rubygems.org/
  specs:
    aws-eventstream (1.3.2)
    aws-partitions (1.1107.0)
    aws-sdk-core (3.224.0)
      aws-eventstream (~> 1, >= 1.3.0)
      aws-partitions (~> 1, >= 1.992.0)
      aws-sigv4 (~> 1.9)
      base64
      jmespath (~> 1, >= 1.6.1)
      logger
    aws-sdk-sqs (1.95.0)
      aws-sdk-core (~> 3, >= 3.216.0)
      aws-sigv4 (~> 1.5)
    aws-sigv4 (1.11.0)
      aws-eventstream (~> 1, >= 1.0.2)
    base64 (0.2.0)
    bigdecimal (3.1.9)
    coderay (1.1.3)
    jmespath (1.6.2)
    logger (1.7.0)
    method_source (1.1.0)
    ox (2.14.22)
      bigdecimal (>= 3.0)
    pry (0.15.2)
      coderay (~> 1.1)
      method_source (~> 1.0)

PLATFORMS
  ruby
  x86_64-linux

DEPENDENCIES
  aws-sdk-sqs
  ox
  pry

BUNDLED WITH
   2.6.8
