GEM
  remote: https://rubygems.org/
  specs:
    aws-eventstream (1.3.2)
    aws-partitions (1.1109.0)
    aws-sdk-core (3.224.1)
      aws-eventstream (~> 1, >= 1.3.0)
      aws-partitions (~> 1, >= 1.992.0)
      aws-sigv4 (~> 1.9)
      base64
      jmespath (~> 1, >= 1.6.1)
      logger
    aws-sdk-rekognition (1.115.0)
      aws-sdk-core (~> 3, >= 3.216.0)
      aws-sigv4 (~> 1.5)
    aws-sigv4 (1.11.0)
      aws-eventstream (~> 1, >= 1.0.2)
    base64 (0.3.0)
    bigdecimal (3.2.1)
    jmespath (1.6.2)
    logger (1.7.0)
    ox (2.14.23)
      bigdecimal (>= 3.0)

PLATFORMS
  ruby
  x86_64-linux

DEPENDENCIES
  aws-sdk-rekognition
  ox

BUNDLED WITH
   2.6.8
